PATH
  remote: .
  specs:
    rubyzip (0.9.5)

GEM
  remote: http://rubygems.org/
  specs:

PLATFORMS
  ruby

DEPENDENCIES
  rubyzip!
